STORAGE: NONE
RESTRICTION: == net6.0
NUGET
  remote: https://api.nuget.org/v3/index.json
    Avalonia (0.10.16)
      Avalonia.Remote.Protocol (>= 0.10.16)
      JetBrains.Annotations (>= 10.3)
      System.ComponentModel.Annotations (>= 4.5)
      System.Memory (>= 4.5.3)
      System.Reactive (>= 5.0)
      System.Runtime.CompilerServices.Unsafe (>= 4.6)
      System.ValueTuple (>= 4.5)
    Avalonia.Angle.Windows.Natives (2.1.18905.20220610)
    Avalonia.Controls.DataGrid (0.10.16)
      Avalonia (>= 0.10.16)
      Avalonia.Remote.Protocol (>= 0.10.16)
      JetBrains.Annotations (>= 10.3)
      System.Reactive (>= 5.0)
    Avalonia.Desktop (0.10.16)
      Avalonia (>= 0.10.16)
      Avalonia.Native (>= 0.10.16)
      Avalonia.Skia (>= 0.10.16)
      Avalonia.Win32 (>= 0.10.16)
      Avalonia.X11 (>= 0.10.16)
    Avalonia.Diagnostics (0.10.16)
      Avalonia (>= 0.10.16)
      Avalonia.Controls.DataGrid (>= 0.10.16)
      Microsoft.CodeAnalysis.CSharp.Scripting (>= 3.4)
      System.Reactive (>= 5.0)
    Avalonia.FreeDesktop (0.10.16)
      Avalonia (>= 0.10.16)
      Tmds.DBus (>= 0.9)
    Avalonia.Native (0.10.16)
      Avalonia (>= 0.10.16)
    Avalonia.ReactiveUI (0.10.16)
      Avalonia (>= 0.10.16)
      ReactiveUI (>= 13.2.10)
      System.Reactive (>= 5.0)
    Avalonia.Remote.Protocol (0.10.18)
    Avalonia.Skia (0.10.16)
      Avalonia (>= 0.10.16)
      HarfBuzzSharp (>= 2.8.2-preview.178)
      HarfBuzzSharp.NativeAssets.Linux (>= 2.8.2-preview.178)
      HarfBuzzSharp.NativeAssets.WebAssembly (>= 2.8.2-preview.178)
      SkiaSharp (>= 2.88.1-preview.1)
      SkiaSharp.NativeAssets.Linux (>= 2.88.1-preview.1)
      SkiaSharp.NativeAssets.WebAssembly (>= 2.88.1-preview.1)
    Avalonia.Win32 (0.10.16)
      Avalonia (>= 0.10.16)
      Avalonia.Angle.Windows.Natives (>= 2.1.0.2020091801)
      System.Drawing.Common (>= 4.5)
      System.Numerics.Vectors (>= 4.5)
    Avalonia.X11 (0.10.16)
      Avalonia (>= 0.10.16)
      Avalonia.FreeDesktop (>= 0.10.16)
      Avalonia.Skia (>= 0.10.16)
    DynamicData (7.10.2)
      System.Reactive (>= 5.0)
    HarfBuzzSharp (2.8.2.2)
      HarfBuzzSharp.NativeAssets.macOS (>= 2.8.2.2)
      HarfBuzzSharp.NativeAssets.Win32 (>= 2.8.2.2)
    HarfBuzzSharp.NativeAssets.Linux (2.8.2.2)
      HarfBuzzSharp (>= 2.8.2.2)
    HarfBuzzSharp.NativeAssets.macOS (2.8.2.2)
    HarfBuzzSharp.NativeAssets.WebAssembly (2.8.2.2)
    HarfBuzzSharp.NativeAssets.Win32 (2.8.2.2)
    JetBrains.Annotations (2022.1)
    Microsoft.Bcl.AsyncInterfaces (6.0)
    Microsoft.CodeAnalysis.Analyzers (3.3.3)
    Microsoft.CodeAnalysis.Common (4.3)
      Microsoft.CodeAnalysis.Analyzers (>= 3.3.3)
      System.Collections.Immutable (>= 6.0)
      System.Memory (>= 4.5.4)
      System.Reflection.Metadata (>= 5.0)
      System.Runtime.CompilerServices.Unsafe (>= 6.0)
      System.Text.Encoding.CodePages (>= 6.0)
      System.Threading.Tasks.Extensions (>= 4.5.4)
    Microsoft.CodeAnalysis.CSharp (4.3)
      Microsoft.CodeAnalysis.Common (4.3)
    Microsoft.CodeAnalysis.CSharp.Scripting (4.3)
      Microsoft.CodeAnalysis.Common (4.3)
      Microsoft.CodeAnalysis.CSharp (4.3)
      Microsoft.CodeAnalysis.Scripting.Common (4.3)
      Microsoft.CSharp (>= 4.7)
    Microsoft.CodeAnalysis.Scripting.Common (4.3)
      Microsoft.CodeAnalysis.Common (4.3)
    Microsoft.CSharp (4.7)
    Microsoft.Toolkit.HighPerformance (7.1.2)
    Microsoft.Win32.SystemEvents (6.0.1)
    ReactiveUI (18.3.1)
      DynamicData (>= 7.9.5)
      Splat (>= 14.4.1)
    SkiaSharp (2.88.2)
      SkiaSharp.NativeAssets.macOS (>= 2.88.2)
      SkiaSharp.NativeAssets.Win32 (>= 2.88.2)
    SkiaSharp.NativeAssets.Linux (2.88.2)
      SkiaSharp (>= 2.88.2)
    SkiaSharp.NativeAssets.macOS (2.88.2)
    SkiaSharp.NativeAssets.WebAssembly (2.88.2)
    SkiaSharp.NativeAssets.Win32 (2.88.2)
    Splat (14.4.1)
    System.Collections.Immutable (6.0)
      System.Runtime.CompilerServices.Unsafe (>= 6.0)
    System.ComponentModel.Annotations (5.0)
    System.Drawing.Common (6.0)
      Microsoft.Win32.SystemEvents (>= 6.0)
    System.Memory (4.5.5)
    System.Numerics.Vectors (4.5)
    System.Reactive (5.0)
    System.Reflection.Emit (4.7)
    System.Reflection.Metadata (6.0.1)
      System.Collections.Immutable (>= 6.0)
    System.Runtime.CompilerServices.Unsafe (6.0)
    System.Security.Principal.Windows (5.0)
    System.Text.Encoding.CodePages (6.0)
      System.Runtime.CompilerServices.Unsafe (>= 6.0)
    System.Threading.Tasks.Extensions (4.5.4)
    System.ValueTuple (4.5)
    Tmds.DBus (0.11)
      Microsoft.Bcl.AsyncInterfaces (>= 6.0)
      System.Reflection.Emit (>= 4.7)
      System.Security.Principal.Windows (>= 4.7)
